GEM
  remote: http://rubygems.org/
  specs:
    dotenv (2.0.1)
    json (1.8.3)
    netrc (0.7.9)
    rack (1.6.1)
    rack-protection (1.5.3)
      rack
    rest-open-uri (1.0.0)
    rest_client (1.8.3)
      netrc (~> 0.7.7)
    rubygems-update (2.4.7)
    shotgun (0.9.1)
      rack (>= 1.0)
    sinatra (1.4.6)
      rack (~> 1.4)
      rack-protection (~> 1.4)
      tilt (>= 1.3, < 3)
    tilt (2.0.1)

PLATFORMS
  ruby

DEPENDENCIES
  bundler
  dotenv
  json
  rest-open-uri
  rest_client
  rubygems-update
  shotgun
  sinatra
